PATH
  remote: .
  specs:
    thrift-factory (0.1.0)
      thrift

GEM
  remote: https://rubygems.org/
  specs:
    rake (10.4.2)
    thrift (0.9.2.0)
    thrift-validator (0.1.2)
      thrift

PLATFORMS
  ruby

DEPENDENCIES
  bundler (~> 1.7)
  rake (~> 10.0)
  thrift-factory!
  thrift-validator
